PATH
  remote: ../
  specs:
    garbanzo (0.1.0)
      rack
      tilt

GEM
  remote: https://rubygems.org/
  specs:
    coderay (1.1.0)
    method_source (0.8.2)
    pry (0.10.3)
      coderay (~> 1.1.0)
      method_source (~> 0.8.1)
      slop (~> 3.4)
    rack (1.6.4)
    slop (3.6.0)
    tilt (2.0.1)

PLATFORMS
  ruby

DEPENDENCIES
  garbanzo!
  pry
  rack

BUNDLED WITH
   1.10.6
